GEM
  remote: https://rubygems.org/
  specs:
    blitz (0.1.29)
      couchrest (~> 1.0.1)
      hexy (~> 0.1.1)
      json (~> 1.5.1)
      json_pure (~> 1.5.1)
      rake (~> 0.9.0)
      rest-client (~> 1.6.1)
      term-ansicolor (= 1.0.5)
    couchrest (1.0.2)
      json (~> 1.5.1)
      mime-types (~> 1.15)
      rest-client (~> 1.6.1)
    hexy (0.1.2)
    json (1.5.5)
    json_pure (1.5.5)
      spruz (~> 0.2.8)
    mime-types (1.23)
    rake (0.9.2.2)
    rest-client (1.6.7)
      mime-types (>= 1.16)
    spruz (0.2.13)
    term-ansicolor (1.0.5)

PLATFORMS
  ruby

DEPENDENCIES
  blitz
